GEM
  remote: https://rubygems.org/
  specs:
    childprocess (0.9.0)
      ffi (~> 1.0, >= 1.0.11)
    ffi (1.9.25)
    mini_portile2 (2.4.0)
    nokogiri (1.10.4)
      mini_portile2 (~> 2.4.0)
    regexp_parser (1.3.0)
    rubyzip (1.3.0)
    selenium-webdriver (3.141.0)
      childprocess (~> 0.5)
      rubyzip (~> 1.2, >= 1.2.2)
    sorbet (0.4.4525)
      sorbet-static (= 0.4.4525)
    sorbet-runtime (0.4.4525)
    sorbet-static (0.4.4525-universal-darwin-14)
    watir (6.15.1)
      regexp_parser (~> 1.2)
      selenium-webdriver (~> 3.4, >= 3.4.1)
    webdrivers (3.4.3)
      nokogiri (~> 1.6)
      rubyzip (~> 1.0)
      selenium-webdriver (~> 3.0)

PLATFORMS
  ruby

DEPENDENCIES
  nokogiri
  sorbet
  sorbet-runtime
  watir
  webdrivers

BUNDLED WITH
   1.16.6
